GEM
  remote: https://rubygems.org/
  specs:
    aws-sdk (2.2.11)
      aws-sdk-resources (= 2.2.11)
    aws-sdk-core (2.2.11)
      jmespath (~> 1.0)
    aws-sdk-resources (2.2.11)
      aws-sdk-core (= 2.2.11)
    faraday (0.9.2)
      multipart-post (>= 1.2, < 3)
    hashie (3.4.3)
    jmespath (1.1.3)
    jwt (1.5.2)
    multi_json (1.11.2)
    multi_xml (0.5.5)
    multipart-post (2.0.0)
    oauth2 (1.0.0)
      faraday (>= 0.8, < 0.10)
      jwt (~> 1.0)
      multi_json (~> 1.3)
      multi_xml (~> 0.5)
      rack (~> 1.2)
    omniauth (1.3.1)
      hashie (>= 1.2, < 4)
      rack (>= 1.0, < 3)
    omniauth-oauth2 (1.4.0)
      oauth2 (~> 1.0)
      omniauth (~> 1.2)
    omniauth-shopify-oauth2 (1.1.11)
      omniauth-oauth2 (~> 1.2)
    rack (1.6.4)
    rack-protection (1.5.3)
      rack
    sinatra (1.4.6)
      rack (~> 1.4)
      rack-protection (~> 1.4)
      tilt (>= 1.3, < 3)
    tilt (2.0.2)

PLATFORMS
  ruby

DEPENDENCIES
  aws-sdk (~> 2)
  omniauth-shopify-oauth2 (~> 1.1, >= 1.1.11)
  rack (~> 1.6)
  sinatra (~> 1.4)

BUNDLED WITH
   1.11.2
